GEM
  remote: https://rubygems.org/
  specs:
    puma (3.12.0)
    rack (2.0.6)
    revision_plate (0.1.2)
      rack

PLATFORMS
  ruby

DEPENDENCIES
  puma
  revision_plate

BUNDLED WITH
   1.17.1
